GIT
  remote: https://github.com/chef/chef_secrets
  revision: 9e47ba9fc8a31aa2a4f9317de69b677fa34eb17e
  specs:
    veil (0.3.0)
      bcrypt (~> 3.1)
      pbkdf2

PATH
  remote: .
  specs:
    oc-bifrost-pedant (0.0.1)
      activesupport (~> 3.2.8)
      mixlib-config (~> 1.1.2)
      net-http-spy (~> 0.2.1)
      rest-client (>= 1.6.7, < 2.2.0)
      rspec (~> 2.11.0)
      rspec-rerun (= 0.1.1)
      rspec_junit_formatter (~> 0.1.1)

GEM
  remote: https://rubygems.org/
  specs:
    activesupport (3.2.22.5)
      i18n (~> 0.6, >= 0.6.4)
      multi_json (~> 1.0)
    bcrypt (3.1.11)
    builder (3.2.4)
    concurrent-ruby (1.1.7)
    diff-lcs (1.1.3)
    domain_name (0.5.20190701)
      unf (>= 0.0.5, < 1.0.0)
    http-accept (1.7.0)
    http-cookie (1.0.3)
      domain_name (~> 0.5)
    i18n (0.9.5)
      concurrent-ruby (~> 1.0)
    mime-types (3.3.1)
      mime-types-data (~> 3.2015)
    mime-types-data (3.2020.1104)
    mixlib-config (1.1.2)
    multi_json (1.15.0)
    net-http-spy (0.2.1)
    netrc (0.11.0)
    pbkdf2 (0.1.0)
    rest-client (2.1.0)
      http-accept (>= 1.7.0, < 2.0)
      http-cookie (>= 1.0.2, < 2.0)
      mime-types (>= 1.16, < 4.0)
      netrc (~> 0.8)
    rspec (2.11.0)
      rspec-core (~> 2.11.0)
      rspec-expectations (~> 2.11.0)
      rspec-mocks (~> 2.11.0)
    rspec-core (2.11.1)
    rspec-expectations (2.11.3)
      diff-lcs (~> 1.1.3)
    rspec-mocks (2.11.3)
    rspec-rerun (0.1.1)
      rspec (>= 2.11.0)
    rspec_junit_formatter (0.1.6)
      builder
      rspec (~> 2.0)
      rspec-core (!= 2.12.0)
    unf (0.1.4)
      unf_ext
    unf_ext (0.0.7.7)

PLATFORMS
  ruby

DEPENDENCIES
  oc-bifrost-pedant!
  veil!

BUNDLED WITH
   1.14.3
