GIT
  remote: https://github.com/chef/chef_secrets
  revision: 9e47ba9fc8a31aa2a4f9317de69b677fa34eb17e
  specs:
    veil (0.3.0)
      bcrypt (~> 3.1)
      pbkdf2

PATH
  remote: .
  specs:
    oc-bifrost-pedant (0.0.1)
      activesupport (>= 3.2.8, < 6.1.0)
      mixlib-config (~> 1.1.2)
      net-http-spy (~> 0.2.1)
      rest-client (~> 1.6.7)
      rspec (~> 2.11.0)
      rspec-rerun (= 0.1.1)
      rspec_junit_formatter (~> 0.1.1)

GEM
  remote: https://rubygems.org/
  specs:
    activesupport (6.0.3.4)
      concurrent-ruby (~> 1.0, >= 1.0.2)
      i18n (>= 0.7, < 2)
      minitest (~> 5.1)
      tzinfo (~> 1.1)
      zeitwerk (~> 2.2, >= 2.2.2)
    bcrypt (3.1.11)
    builder (3.2.4)
    concurrent-ruby (1.1.7)
    diff-lcs (1.1.3)
    i18n (1.8.5)
      concurrent-ruby (~> 1.0)
    mime-types (1.25.1)
    minitest (5.14.2)
    mixlib-config (1.1.2)
    net-http-spy (0.2.1)
    pbkdf2 (0.1.0)
    rest-client (1.6.14)
      mime-types (~> 1.16)
    rspec (2.11.0)
      rspec-core (~> 2.11.0)
      rspec-expectations (~> 2.11.0)
      rspec-mocks (~> 2.11.0)
    rspec-core (2.11.1)
    rspec-expectations (2.11.3)
      diff-lcs (~> 1.1.3)
    rspec-mocks (2.11.3)
    rspec-rerun (0.1.1)
      rspec (>= 2.11.0)
    rspec_junit_formatter (0.1.6)
      builder
      rspec (~> 2.0)
      rspec-core (!= 2.12.0)
    thread_safe (0.3.6)
    tzinfo (1.2.8)
      thread_safe (~> 0.1)
    zeitwerk (2.4.2)

PLATFORMS
  ruby

DEPENDENCIES
  oc-bifrost-pedant!
  veil!

BUNDLED WITH
   1.14.3
